GEM
  remote: https://rubygems.org/
  specs:
    dotenv (2.7.6)
    thor (1.0.1)

PLATFORMS
  ruby

DEPENDENCIES
  dotenv
  thor

BUNDLED WITH
   2.1.4
